GEM
  remote: https://rubygems.org/
  specs:
    aws-s3 (0.6.3)
      builder
      mime-types
      xml-simple
    blobstore_client (0.4.0)
      aws-s3 (~> 0.6.2)
      bosh_common (~> 0.5)
      httpclient (>= 2.2)
      multi_json (~> 1.1.0)
      ruby-atmos-pure (~> 1.0.5)
      uuidtools (~> 2.1.2)
    bosh-gen (0.11.0)
      bosh_cli (~> 1.0)
      bosh_common (~> 0.5)
      thor
    bosh_cli (1.0.3)
      blobstore_client (~> 0.4.0)
      bosh_common (>= 0.5.1)
      highline (~> 1.6.2)
      httpclient (>= 2.2.4, <= 2.2.4)
      json_pure (~> 1.6.1)
      net-scp (~> 1.0.4)
      net-ssh (~> 2.2.1)
      net-ssh-gateway (~> 1.1.0)
      netaddr (~> 1.5.0)
      progressbar (~> 0.9.0)
      terminal-table (~> 1.4.2)
    bosh_common (0.5.4)
    builder (3.1.4)
    highline (1.6.15)
    httpclient (2.2.4)
    json_pure (1.6.7)
    log4r (1.1.10)
    mime-types (1.19)
    multi_json (1.1.0)
    net-scp (1.0.4)
      net-ssh (>= 1.99.1)
    net-ssh (2.2.2)
    net-ssh-gateway (1.1.0)
      net-ssh (>= 1.99.1)
    netaddr (1.5.0)
    progressbar (0.9.2)
    ruby-atmos-pure (1.0.5)
      log4r (>= 1.1.9)
      ruby-hmac (>= 0.4.0)
    ruby-hmac (0.4.0)
    terminal-table (1.4.5)
    thor (0.16.0)
    uuidtools (2.1.3)
    xml-simple (1.1.2)

PLATFORMS
  ruby

DEPENDENCIES
  bosh-gen
